GEM
  remote: http://rubygems.org/
  specs:
    addressable (2.2.7)
    bacon (1.1.0)
    diff-lcs (1.1.3)
    em-http-request (0.3.0)
      addressable (>= 2.0.0)
      escape_utils
      eventmachine (>= 0.12.9)
    em-spec (0.2.6)
      bacon
      eventmachine
      rspec (> 2.6.0)
      test-unit
    em-websocket (0.3.6)
      addressable (>= 2.1.1)
      eventmachine (>= 0.12.9)
    escape_utils (0.2.4)
    eventmachine (0.12.10)
    ffi (1.0.11)
    guard (1.0.1)
      ffi (>= 0.5.0)
      thor (~> 0.14.6)
    guard-rspec (0.7.0)
      guard (>= 0.10.0)
    rspec (2.9.0)
      rspec-core (~> 2.9.0)
      rspec-expectations (~> 2.9.0)
      rspec-mocks (~> 2.9.0)
    rspec-core (2.9.0)
    rspec-expectations (2.9.1)
      diff-lcs (~> 1.1.3)
    rspec-mocks (2.9.0)
    test-unit (2.4.8)
    thor (0.14.6)

PLATFORMS
  ruby

DEPENDENCIES
  em-http-request (~> 0.3)
  em-spec (~> 0.2)
  em-websocket (~> 0.3)
  eventmachine (~> 0.12)
  guard-rspec
  rspec (~> 2.9)
